PATH
  remote: .
  specs:
    sanitize (2.0.3)
      nokogiri (>= 1.4.4, < 1.6)

GEM
  remote: http://rubygems.org/
  specs:
    minitest (2.0.2)
    nokogiri (1.5.6)
    rake (10.0.3)

PLATFORMS
  ruby

DEPENDENCIES
  minitest (>= 2.0.0)
  rake (>= 0.9)
  sanitize!
